GEM
  remote: https://rubygems.org/
  specs:
    byebug (9.1.0)
    diff-lcs (1.5.1)
    rspec (3.13.0)
      rspec-core (~> 3.13.0)
      rspec-expectations (~> 3.13.0)
      rspec-mocks (~> 3.13.0)
    rspec-core (3.13.1)
      rspec-support (~> 3.13.0)
    rspec-expectations (3.13.3)
      diff-lcs (>= 1.2.0, < 2.0)
      rspec-support (~> 3.13.0)
    rspec-mocks (3.13.1)
      diff-lcs (>= 1.2.0, < 2.0)
      rspec-support (~> 3.13.0)
    rspec-support (3.13.1)

PLATFORMS
  ruby

DEPENDENCIES
  byebug (~> 9.0, >= 9.0.5)
  rspec (~> 3.13)

BUNDLED WITH
   1.16.6
